PATH
  remote: .
  specs:
    faker_spanish_documents (0.1.0)
      faker (~> 2.18)

GEM
  remote: https://rubygems.org/
  specs:
    concurrent-ruby (1.1.9)
    diff-lcs (1.3)
    faker (2.18.0)
      i18n (>= 1.6, < 2)
    i18n (1.8.10)
      concurrent-ruby (~> 1.0)
    rspec (3.7.0)
      rspec-core (~> 3.7.0)
      rspec-expectations (~> 3.7.0)
      rspec-mocks (~> 3.7.0)
    rspec-core (3.7.1)
      rspec-support (~> 3.7.0)
    rspec-expectations (3.7.0)
      diff-lcs (>= 1.2.0, < 2.0)
      rspec-support (~> 3.7.0)
    rspec-mocks (3.7.0)
      diff-lcs (>= 1.2.0, < 2.0)
      rspec-support (~> 3.7.0)
    rspec-support (3.7.1)

PLATFORMS
  ruby

DEPENDENCIES
  faker_spanish_documents!
  rspec

BUNDLED WITH
   2.1.4
